GEM
  remote: https://rubygems.org/
  specs:
    rouge (4.1.1)

PLATFORMS
  arm64-darwin-21
  x86_64-linux

DEPENDENCIES
  rouge

BUNDLED WITH
   2.3.21
